PATH
  remote: .
  specs:
    dor-services (4.1.7)
      active-fedora (~> 5.6, >= 5.6.3)
      confstruct (>= 0.2.2)
      dor-workflow-service (~> 1.3)
      druid-tools (>= 0.2.3)
      equivalent-xml (>= 0.2.2)
      json
      lyber-utils
      moab-versioning (>= 1.2.1)
      net-sftp
      net-ssh
      nokogiri (>= 1.6.0)
      om
      progressbar
      rest-client
      rsolr-client-cert (>= 0.5.1)
      rsolr-ext
      ruby-cache
      ruby-graphviz
      solrizer (~> 2.0)
      stanford-mods (>= 0.0.14)
      systemu
      uuidtools
      validatable

GEM
  remote: https://rubygems.org/
  remote: http://sul-gems.stanford.edu/
  specs:
    active-fedora (5.6.3)
      activeresource (>= 3.0.0)
      activesupport (>= 3.0.0)
      builder (~> 3.0.0)
      deprecation
      mediashelf-loggable
      nom-xml (>= 0.5.1)
      om (~> 1.8.0)
      rdf
      rdf-rdfxml (~> 0.3.8)
      rsolr
      rubydora (~> 1.3)
      solrizer (~> 2.1)
    activemodel (3.2.14)
      activesupport (= 3.2.14)
      builder (~> 3.0.0)
    activeresource (3.2.14)
      activemodel (= 3.2.14)
      activesupport (= 3.2.14)
    activesupport (3.2.14)
      i18n (~> 0.6, >= 0.6.4)
      multi_json (~> 1.0)
    addressable (2.3.5)
    awesome_print (1.1.0)
    bagit (0.3.2)
      docopt (~> 0.5.0)
      validatable (~> 1.6)
    builder (3.0.4)
    columnize (0.3.6)
    confstruct (0.2.5)
    daemons (1.1.9)
    debugger (1.5.0)
      columnize (>= 0.3.1)
      debugger-linecache (~> 1.2.0)
      debugger-ruby_core_source (~> 1.2.0)
    debugger-linecache (1.2.0)
    debugger-ruby_core_source (1.2.0)
    deprecation (0.0.5)
      activesupport
    diff-lcs (1.2.4)
    docopt (0.5.0)
    dor-workflow-service (1.3.2)
      activesupport
      confstruct
      nokogiri
      rest-client
    druid-tools (0.2.3)
    equivalent-xml (0.3.0)
      nokogiri (>= 1.4.3)
    fakeweb (1.3.0)
    fastercsv (1.5.5)
    haml (4.0.2)
      tilt
    happymapper (0.4.0)
      libxml-ruby (~> 2.0)
    hashery (2.1.0)
    hooks (0.3.1)
    i18n (0.6.5)
    iso-639 (0.1.0)
    jhove-service (1.0.3)
      nokogiri (>= 1.4.3.1)
    json (1.8.0)
    libxml-ruby (2.7.0)
    linecache (0.46)
      rbx-require-relative (> 0.0.4)
    lyber-utils (0.1.2)
      bagit (>= 0.1.0)
      nokogiri (>= 1.4.3.1)
      systemu (>= 1.2.0)
      validatable
    lyberteam-gems-devel (1.0.1)
      rake (>= 0.8.7)
      rest-client
    mediashelf-loggable (0.4.9)
    mime-types (1.23)
    mini_portile (0.5.1)
    moab-versioning (1.2.7)
      confstruct
      happymapper
      hashery (>= 2.0.0)
      json
      nokogiri
      systemu
    mods (0.0.22)
      iso-639
      nokogiri
      nom-xml
    multi_json (1.7.6)
    net-sftp (2.1.2)
      net-ssh (>= 2.6.5)
    net-ssh (2.6.8)
    nokogiri (1.6.0)
      mini_portile (~> 0.5.0)
    nom-xml (0.5.1)
      activesupport
      i18n
      nokogiri
    om (1.8.0)
      activemodel
      activesupport
      deprecation
      mediashelf-loggable
      nokogiri (>= 1.4.2)
    progressbar (0.20.0)
    rake (10.0.4)
    rbx-require-relative (0.0.9)
    rcov (1.0.0)
    rdf (1.0.7)
      addressable (>= 2.2)
    rdf-rdfxml (0.3.9)
      rdf (>= 0.3.11)
      rdf-xsd (>= 0.3.8)
    rdf-xsd (1.0.2.1)
      nokogiri (>= 1.5.0)
      rdf (>= 0.3.4)
    rdoc (4.0.1)
      json (~> 1.4)
    rest-client (1.6.7)
      mime-types (>= 1.16)
    rsolr (1.0.9)
      builder (>= 2.1.2)
    rsolr-client-cert (0.5.2)
      rest-client
      rsolr
    rsolr-ext (1.0.3)
      rsolr (>= 1.0.2)
    rspec (2.13.0)
      rspec-core (~> 2.13.0)
      rspec-expectations (~> 2.13.0)
      rspec-mocks (~> 2.13.0)
    rspec-core (2.13.1)
    rspec-expectations (2.13.0)
      diff-lcs (>= 1.1.3, < 2.0)
    rspec-mocks (2.13.1)
    ruby-cache (0.3.0)
    ruby-debug (0.10.4)
      columnize (>= 0.1)
      ruby-debug-base (~> 0.10.4.0)
    ruby-debug-base (0.10.4)
      linecache (>= 0.3)
    ruby-graphviz (1.0.9)
    rubydora (1.6.5)
      activemodel
      activesupport
      deprecation
      equivalent-xml
      fastercsv
      hooks (~> 0.3.0)
      mime-types
      nokogiri
      rest-client
    simplecov (0.7.1)
      multi_json (~> 1.0)
      simplecov-html (~> 0.7.1)
    simplecov-html (0.7.1)
    solrizer (2.1.0)
      activesupport
      daemons
      mediashelf-loggable (~> 0.4.7)
      nokogiri
      om (>= 1.5.0)
      stomp
      xml-simple
    stanford-mods (0.0.17)
      mods
    stomp (1.2.12)
    systemu (2.5.2)
    tilt (1.4.1)
    uuidtools (2.1.4)
    validatable (1.6.7)
    xml-simple (1.1.2)
    yard (0.8.6.1)

PLATFORMS
  ruby

DEPENDENCIES
  awesome_print
  debugger
  dor-services!
  fakeweb
  haml
  jhove-service (>= 1.0.1)
  lyberteam-gems-devel (>= 1.0.0)
  rake (>= 0.8.7)
  rcov
  rdoc
  rspec (~> 2.6)
  rspec-expectations (>= 2.11.2)
  rspec-mocks (>= 2.11.2)
  ruby-debug
  simplecov
  yard
