PATH
  remote: .
  specs:
    dor (0.1.1)
      active-fedora (>= 1.2.6)
      nokogiri (= 1.4.3.1)
      rest-client
      validatable

GEM
  remote: http://rubygems.org/
  remote: http://sulair-rails-dev.stanford.edu/
  specs:
    active-fedora (1.2.9)
      activeresource (< 3.0.0)
      activeresource (< 3.0.0)
      mediashelf-loggable
      mime-types (>= 1.16)
      mime-types (>= 1.16)
      multipart-post
      multipart-post
      nokogiri
      nokogiri
      om (>= 1.0)
      om (>= 1.0)
      solr-ruby (>= 0.0.6)
      solr-ruby (>= 0.0.6)
      solrizer (>= 0.3.0)
      solrizer (>= 0.3.0)
      xml-simple (>= 1.0.12)
      xml-simple (>= 1.0.12)
    activeresource (2.3.11)
      activesupport (= 2.3.11)
    activesupport (2.3.11)
    columnize (0.3.2)
    equivalent-xml (0.1.4)
    facets (2.9.0)
    fakeweb (1.3.0)
    haml (3.0.25)
    i18n (0.5.0)
    linecache (0.43)
    mail (2.2.15)
      activesupport (>= 2.3.6)
      i18n (>= 0.4.0)
      mime-types (~> 1.16)
      treetop (~> 1.4.8)
    mediashelf-loggable (0.4.0)
    mime-types (1.16)
    multipart-post (1.1.0)
    nokogiri (1.4.3.1)
    om (1.0.2)
      facets
      facets
      nokogiri
      nokogiri (>= 1.4.2)
    polyglot (0.3.1)
    pony (1.1)
      mail (> 2.0)
    rake (0.8.7)
    rcov (0.9.9)
    rdoc (3.5.3)
    rest-client (1.6.1)
      mime-types (>= 1.16)
    rspec (1.3.1)
    ruby-debug (0.10.4)
      columnize (>= 0.1)
      ruby-debug-base (~> 0.10.4.0)
    ruby-debug-base (0.10.4)
      linecache (>= 0.3)
    solr-ruby (0.0.8)
    solrizer (0.3.2)
      mediashelf-loggable
      nokogiri
      nokogiri
      om
      solr-ruby
    treetop (1.4.9)
      polyglot (>= 0.3.1)
    validatable (1.6.7)
    xml-simple (1.0.14)
    yard (0.6.4)

PLATFORMS
  ruby

DEPENDENCIES
  active-fedora (>= 1.2.6)
  dor!
  equivalent-xml
  fakeweb
  haml
  nokogiri (= 1.4.3.1)
  pony
  rake (>= 0.8.7)
  rcov
  rdoc
  rest-client
  rspec (< 2.0)
  ruby-debug
  validatable
  yard
