PATH
  remote: .
  specs:
    dor-services (1.1.0)
      active-fedora (>= 1.2.6)
      guid
      json
      mod-cons
      nokogiri (= 1.4.3.1)
      om (>= 1.2.0)
      rest-client
      ruby-cache
      solr-ruby (>= 0.0.8)
      validatable

GEM
  remote: http://rubygems.org/
  remote: http://sulair-rails-dev.stanford.edu/
  specs:
    active-fedora (2.2.0)
      active-fedora
      activeresource
      equivalent-xml
      facets
      mediashelf-loggable
      mime-types (>= 1.16)
      multipart-post
      nokogiri
      om (>= 1.0)
      solr-ruby (>= 0.0.6)
      solrizer (> 1.0.0)
      xml-simple (>= 1.0.12)
    activemodel (3.0.7)
      activesupport (= 3.0.7)
      builder (~> 2.1.2)
      i18n (~> 0.5.0)
    activeresource (3.0.7)
      activemodel (= 3.0.7)
      activesupport (= 3.0.7)
    activesupport (3.0.7)
    awesome_print (0.4.0)
    bond (0.4.1)
    builder (2.1.2)
    columnize (0.3.2)
    daemons (1.1.3)
    equivalent-xml (0.2.6)
      nokogiri (>= 1.4.3)
    facets (2.9.1)
    fakeweb (1.3.0)
    guid (0.1.1)
    haml (3.1.1)
    i18n (0.5.0)
    interactive_editor (0.0.8)
      spoon (>= 0.0.1)
    json (1.5.1)
    linecache (0.43)
    lyberteam-devel (0.2.1)
      pony
      rake (>= 0.8.7)
    mail (2.3.0)
      i18n (>= 0.4.0)
      mime-types (~> 1.16)
      treetop (~> 1.4.8)
    mediashelf-loggable (0.4.2)
    mime-types (1.16)
    mod-cons (0.1.1)
    multipart-post (1.1.1)
    nokogiri (1.4.3.1)
    om (1.2.4)
      nokogiri (>= 1.4.2)
      om
    polyglot (0.3.1)
    pony (1.2)
      mail (> 2.0)
    rake (0.8.7)
    rcov (0.9.9)
    rdoc (3.6.1)
    rest-client (1.6.1)
      mime-types (>= 1.16)
    rspec (1.3.2)
    ruby-cache (0.3.0)
    ruby-debug (0.10.4)
      columnize (>= 0.1)
      ruby-debug-base (~> 0.10.4.0)
    ruby-debug-base (0.10.4)
      linecache (>= 0.3)
    solr-ruby (0.0.8)
    solrizer (1.0.4)
      daemons
      mediashelf-loggable
      mediashelf-loggable
      nokogiri
      nokogiri
      nokogiri
      om (>= 1.0.0)
      om
      stomp
      xml-simple
    spoon (0.0.1)
    stomp (1.1.8)
    treetop (1.4.9)
      polyglot (>= 0.3.1)
    validatable (1.6.7)
    wirble (0.1.3)
    xml-simple (1.0.15)
    yard (0.6.8)

PLATFORMS
  ruby

DEPENDENCIES
  awesome_print
  bond
  dor-services!
  equivalent-xml (>= 0.2.2)
  fakeweb
  haml
  interactive_editor
  lyberteam-devel (>= 0.1.1)
  rake (>= 0.8.7)
  rcov
  rdoc
  rspec (< 2.0)
  ruby-debug
  wirble
  yard
