PATH
  remote: .
  specs:
    dor-services (3.25.0)
      active-fedora (~> 4.5)
      activesupport (~> 3.0.0)
      confstruct (>= 0.2.2)
      dor-workflow-service (~> 1.3)
      druid-tools (>= 0.2.3)
      equivalent-xml (>= 0.2.2)
      json
      lyber-utils
      moab-versioning (>= 1.2.1)
      net-sftp
      net-ssh
      nokogiri (= 1.5.6)
      om (>= 1.5.0)
      progressbar
      rest-client
      rsolr-client-cert (>= 0.5.1)
      rsolr-ext
      ruby-cache
      ruby-graphviz
      systemu
      uuidtools
      validatable

GEM
  remote: http://rubygems.org/
  remote: http://sul-gems.stanford.edu/
  specs:
    active-fedora (4.5.3)
      activeresource (>= 3.0.0)
      activesupport (>= 3.0.0)
      deprecation
      equivalent-xml
      mediashelf-loggable
      om (~> 1.6.0)
      rdf
      rdf-rdfxml (~> 0.3.8)
      rsolr
      rubydora (~> 0.5.13)
      solrizer (~> 1.2.0)
    activemodel (3.0.20)
      activesupport (= 3.0.20)
      builder (~> 2.1.2)
      i18n (~> 0.5.0)
    activeresource (3.0.20)
      activemodel (= 3.0.20)
      activesupport (= 3.0.20)
    activesupport (3.0.20)
    addressable (2.3.5)
    akami (1.2.0)
      gyoku (>= 0.4.0)
      nokogiri (>= 1.4.0)
    awesome_print (1.1.0)
    bagit (0.3.1)
      docopt (~> 0.5.0)
      validatable (~> 1.6)
    builder (2.1.2)
    columnize (0.3.6)
    confstruct (0.2.5)
    daemons (1.1.9)
    debugger (1.2.0)
      columnize (>= 0.3.1)
      debugger-linecache (~> 1.1.1)
      debugger-ruby_core_source (~> 1.1.3)
    debugger-linecache (1.1.2)
      debugger-ruby_core_source (>= 1.1.1)
    debugger-ruby_core_source (1.1.3)
    deprecation (0.0.5)
      activesupport
    diff-lcs (1.1.3)
    docopt (0.5.0)
    dor-workflow-service (1.3.2)
      activesupport
      confstruct
      nokogiri
      rest-client
    druid-tools (0.2.3)
    equivalent-xml (0.3.0)
      nokogiri (>= 1.4.3)
    fakeweb (1.3.0)
    fastercsv (1.5.5)
    gyoku (1.1.0)
      builder (>= 2.1.2)
    haml (4.0.3)
      tilt
    happymapper (0.4.0)
      libxml-ruby (~> 2.0)
    hashery (2.1.0)
    hooks (0.3.1)
    httpi (2.1.0)
      rack
      rubyntlm (~> 0.3.2)
    i18n (0.5.0)
    jhove-service (1.0.3)
      nokogiri (>= 1.4.3.1)
    json (1.8.0)
    libxml-ruby (2.6.0)
    linecache (0.46)
      rbx-require-relative (> 0.0.4)
    lyber-utils (0.1.2)
      bagit (>= 0.1.0)
      nokogiri (>= 1.4.3.1)
      systemu (>= 1.2.0)
      validatable
    lyberteam-gems-devel (1.0.1)
      rake (>= 0.8.7)
      rest-client
    mediashelf-loggable (0.4.9)
    mime-types (1.23)
    moab-versioning (1.2.7)
      confstruct
      happymapper
      hashery (>= 2.0.0)
      json
      nokogiri
      systemu
    net-sftp (2.1.2)
      net-ssh (>= 2.6.5)
    net-ssh (2.6.8)
    nokogiri (1.5.6)
    nori (2.3.0)
    om (1.6.1)
      mediashelf-loggable
      nokogiri (>= 1.4.2)
    progressbar (0.20.0)
    rack (1.5.2)
    rake (10.1.0)
    rbx-require-relative (0.0.9)
    rcov (1.0.0)
    rdf (1.0.7)
      addressable (>= 2.2)
    rdf-rdfxml (0.3.9)
      rdf (>= 0.3.11)
      rdf-xsd (>= 0.3.8)
    rdf-xsd (1.0.2.1)
      nokogiri (>= 1.5.0)
      rdf (>= 0.3.4)
    rdoc (4.0.1)
      json (~> 1.4)
    rest-client (1.6.7)
      mime-types (>= 1.16)
    rsolr (1.0.9)
      builder (>= 2.1.2)
    rsolr-client-cert (0.5.2)
      rest-client
      rsolr
    rsolr-ext (1.0.3)
      rsolr (>= 1.0.2)
    rspec (2.11.0)
      rspec-core (~> 2.11.0)
      rspec-expectations (~> 2.11.0)
      rspec-mocks (~> 2.11.0)
    rspec-core (2.11.1)
    rspec-expectations (2.11.2)
      diff-lcs (~> 1.1.3)
    rspec-mocks (2.11.2)
    ruby-cache (0.3.0)
    ruby-debug (0.10.4)
      columnize (>= 0.1)
      ruby-debug-base (~> 0.10.4.0)
    ruby-debug-base (0.10.4)
      linecache (>= 0.3)
    ruby-graphviz (1.0.9)
    rubydora (0.5.13)
      activemodel
      activesupport
      deprecation
      fastercsv
      hooks
      mime-types
      nokogiri
      rest-client
      savon
    rubyntlm (0.3.3)
    savon (2.3.0)
      akami (~> 1.2.0)
      builder (>= 2.1.2)
      gyoku (~> 1.1.0)
      httpi (~> 2.1.0)
      nokogiri (>= 1.4.0, < 1.6)
      nori (~> 2.3.0)
      wasabi (~> 3.2.0)
    solrizer (1.2.2)
      daemons
      mediashelf-loggable (~> 0.4.7)
      nokogiri
      om (>= 1.5.0)
      stomp
      xml-simple
    stomp (1.2.11)
    systemu (2.5.2)
    tilt (1.4.1)
    uuidtools (2.1.4)
    validatable (1.6.7)
    wasabi (3.2.0)
      httpi (~> 2.0)
      nokogiri (>= 1.4.0, < 1.6)
    xml-simple (1.1.2)
    yard (0.8.7)

PLATFORMS
  ruby

DEPENDENCIES
  awesome_print
  debugger
  dor-services!
  fakeweb
  haml
  jhove-service (>= 1.0.1)
  lyberteam-gems-devel (>= 1.0.0)
  rake (>= 0.8.7)
  rcov
  rdoc
  rsolr (= 1.0.9)
  rspec (~> 2.6)
  rspec-expectations (>= 2.11.2)
  rspec-mocks (>= 2.11.2)
  ruby-debug
  yard
